RESTRICTION: >= net40

GROUP Analyzers
RESTRICTION: >= net45
NUGET
  remote: http://www.nuget.org/api/v2
    Gu.Analyzers (1.1.0-dev)
    IDisposableAnalyzers (0.1.4.2-dev)
    JetBrains.Annotations (11.1)
    PropertyChangedAnalyzers (2.5.1)
    StyleCop.Analyzers (1.0.2)
    WpfAnalyzers (2.1.2)

GROUP Test
RESTRICTION: >= net45
NUGET
  remote: http://www.nuget.org/api/v2
    Gu.Wpf.UiAutomation (0.2.1)
    NUnit (3.9)
