RESTRICTION: >= net40

GROUP Analyzers
RESTRICTION: >= net45
NUGET
  remote: http://www.nuget.org/api/v2
    Gu.Analyzers (1.2.12-dev)
    IDisposableAnalyzers (2.0.2)
    JetBrains.Annotations (11.1)
    PropertyChangedAnalyzers (2.5.10)
    StyleCop.Analyzers (1.0.2)
    WpfAnalyzers (2.1.3.1)

GROUP Test
RESTRICTION: >= net45
NUGET
  remote: http://www.nuget.org/api/v2
    Gu.Wpf.UiAutomation (0.2.3.1)
    NUnit (3.10.1)
