FRAMEWORK: >= NET40

GROUP Analyzers
FRAMEWORK: >= NET45
NUGET
  remote: http://www.nuget.org/api/v2
    JetBrains.Annotations (10.2.1)
    StyleCop.Analyzers (1.0)
    WpfAnalyzers (0.2.1.5-dev)

GROUP Test
FRAMEWORK: >= NET45
NUGET
  remote: http://www.nuget.org/api/v2
    Castle.Core (3.3.3)
    NUnit (3.5)
    TestStack.White (0.13.3)
      Castle.Core (>= 3.3)
